GEM
  remote: http://rubygems.org/
  specs:
    ParseTree (3.0.6)
      RubyInline (>= 3.7.0)
      sexp_processor (>= 3.0.0)
    RubyInline (3.8.6)
      ZenTest (~> 4.3)
    ZenTest (4.4.0)
    abstract (1.0.0)
    archive-tar-minitar (0.5.2)
    diff-lcs (1.1.2)
    erubis (2.6.6)
      abstract (>= 1.0.0)
    ffi (0.6.3)
      rake (>= 0.8.7)
    file-tail (1.0.5)
      spruz (>= 0.1.0)
    i18n (0.5.0)
    json (1.4.6)
    mario (0.0.6)
    net-scp (1.0.4)
      net-ssh (>= 1.99.1)
    net-ssh (2.0.24)
    predicated (0.2.2)
    rake (0.8.7)
    ruby2ruby (1.2.5)
      ruby_parser (~> 2.0)
      sexp_processor (~> 3.0)
    ruby_parser (2.0.5)
      sexp_processor (~> 3.0)
    sexp_processor (3.0.5)
    sourcify (0.4.0)
      ruby2ruby (>= 1.2.5)
      sexp_processor (>= 3.0.5)
    spruz (0.2.2)
    thor (0.14.6)
    vagrant (0.7.0)
      archive-tar-minitar (= 0.5.2)
      erubis (~> 2.6.6)
      i18n (~> 0.5.0)
      json (~> 1.4.6)
      mario (~> 0.0.6)
      net-scp (~> 1.0.4)
      net-ssh (~> 2.0.23)
      thor (~> 0.14.6)
      virtualbox (~> 0.8.2)
    virtualbox (0.8.2)
      ffi (~> 0.6.3)
    wrong (0.4.5)
      ParseTree (~> 3.0)
      diff-lcs (~> 1.1.2)
      file-tail (~> 1.0)
      predicated (>= 0.2.2)
      ruby2ruby (~> 1.2)
      ruby_parser (~> 2.0.4)
      sexp_processor (~> 3.0)
      sourcify (>= 0.3.0)

PLATFORMS
  ruby

DEPENDENCIES
  vagrant
  wrong
